GEM
  remote: https://rubygems.org/
  specs:
    httpclient (2.2.4)
    soap4r (1.5.8)
      httpclient (>= 2.1.1)

PLATFORMS
  ruby
  x86-mingw32

DEPENDENCIES
  soap4r
